GEM
  remote: http://rubygems.org/
  specs:
    copperegg (0.6.1)
      json_pure (~> 1.7.6)
    json_pure (1.7.7)
    net-ssh (2.9.2)

PLATFORMS
  ruby

DEPENDENCIES
  copperegg (~> 0.6.0)
  net-ssh (= 2.9.2)

BUNDLED WITH
   1.10.6
